PATH
  remote: .
  specs:
    qops (0.10.0)
      activesupport (>= 4.2.1)
      aws-sdk (>= 2.0.41)
      quandl-config (>= 0.1.0)
      quandl-slack
      rainbow (~> 2.0.0)
      thor (>= 0.19.1.1)

GEM
  remote: https://rubygems.org/
  remote: https://9UhxvtZywbftWRD25bpz@gem.fury.io/quandl/
  specs:
    activesupport (4.2.5)
      i18n (~> 0.7)
      json (~> 1.7, >= 1.7.7)
      minitest (~> 5.1)
      thread_safe (~> 0.3, >= 0.3.4)
      tzinfo (~> 1.1)
    ast (2.1.0)
    astrolabe (1.3.1)
      parser (~> 2.2)
    aws-sdk (2.1.36)
      aws-sdk-resources (= 2.1.36)
    aws-sdk-core (2.1.36)
      jmespath (~> 1.0)
    aws-sdk-resources (2.1.36)
      aws-sdk-core (= 2.1.36)
    byebug (8.2.0)
    i18n (0.7.0)
    jmespath (1.1.3)
    json (1.8.3)
    minitest (5.8.2)
    parser (2.2.3.0)
      ast (>= 1.1, < 3.0)
    powerpack (0.1.1)
    quandl-config (0.1.0)
      activesupport
    quandl-slack (0.0.2)
      quandl-config
      slack-notifier (>= 1.0)
    rainbow (2.0.0)
    rubocop (0.35.1)
      astrolabe (~> 1.3)
      parser (>= 2.2.3.0, < 3.0)
      powerpack (~> 0.1)
      rainbow (>= 1.99.1, < 3.0)
      ruby-progressbar (~> 1.7)
      tins (<= 1.6.0)
    rubocopter (0.1.6)
      rubocop (>= 0.30.1)
    ruby-progressbar (1.7.5)
    slack-notifier (1.4.0)
    thor (0.19.1.1)
    thread_safe (0.3.5)
    tins (1.6.0)
    tzinfo (1.2.2)
      thread_safe (~> 0.1)

PLATFORMS
  ruby

DEPENDENCIES
  byebug
  qops!
  rubocopter (>= 0.1.6)

BUNDLED WITH
   1.10.6
