PATH
  remote: .
  specs:
    qops (1.2.0)
      activesupport (>= 4.2.1)
      aws-sdk (>= 2.0.41)
      qthor (>= 0.19.1.4)
      quandl-config (>= 0.1.0)
      quandl-slack
      rainbow (~> 2.0.0)

GEM
  remote: https://rubygems.org/
  remote: https://9UhxvtZywbftWRD25bpz@gem.fury.io/quandl/
  specs:
    activesupport (4.2.6)
      i18n (~> 0.7)
      json (~> 1.7, >= 1.7.7)
      minitest (~> 5.1)
      thread_safe (~> 0.3, >= 0.3.4)
      tzinfo (~> 1.1)
    ast (2.2.0)
    aws-sdk (2.2.32)
      aws-sdk-resources (= 2.2.32)
    aws-sdk-core (2.2.32)
      jmespath (~> 1.0)
    aws-sdk-resources (2.2.32)
      aws-sdk-core (= 2.2.32)
    byebug (8.2.3)
    i18n (0.7.0)
    jmespath (1.2.4)
      json_pure (>= 1.8.1)
    json (1.8.3)
    json_pure (1.8.3)
    minitest (5.8.4)
    parser (2.3.0.7)
      ast (~> 2.2)
    powerpack (0.1.1)
    qthor (0.19.1.4)
    quandl-config (0.1.0)
      activesupport
    quandl-slack (0.0.2)
      quandl-config
      slack-notifier (>= 1.0)
    rainbow (2.0.0)
    rubocop (0.39.0)
      parser (>= 2.3.0.7, < 3.0)
      powerpack (~> 0.1)
      rainbow (>= 1.99.1, < 3.0)
      ruby-progressbar (~> 1.7)
      unicode-display_width (~> 1.0, >= 1.0.1)
    rubocopter (0.1.6)
      rubocop (>= 0.30.1)
    ruby-progressbar (1.7.5)
    slack-notifier (1.5.1)
    thread_safe (0.3.5)
    tzinfo (1.2.2)
      thread_safe (~> 0.1)
    unicode-display_width (1.0.3)

PLATFORMS
  ruby

DEPENDENCIES
  byebug
  qops!
  rubocopter (>= 0.1.6)

BUNDLED WITH
   1.11.2
