PATH
  remote: .
  specs:
    qops (1.4.10)
      activesupport (>= 4.2.1)
      aws-sdk (>= 2.0.41)
      qthor (>= 0.19.1.4)
      quandl-config (>= 0.1.0)
      quandl-slack
      rainbow (~> 2.0.0)

GEM
  remote: https://rubygems.org/
  remote: https://9UhxvtZywbftWRD25bpz@gem.fury.io/quandl/
  specs:
    activesupport (5.1.1)
      concurrent-ruby (~> 1.0, >= 1.0.2)
      i18n (~> 0.7)
      minitest (~> 5.1)
      tzinfo (~> 1.1)
    aws-sdk (2.9.24)
      aws-sdk-resources (= 2.9.24)
    aws-sdk-core (2.9.24)
      aws-sigv4 (~> 1.0)
      jmespath (~> 1.0)
    aws-sdk-resources (2.9.24)
      aws-sdk-core (= 2.9.24)
    aws-sigv4 (1.0.0)
    concurrent-ruby (1.0.5)
    i18n (0.8.1)
    jmespath (1.3.1)
    minitest (5.10.2)
    qthor (0.19.1.5)
    quandl-config (1.0.0)
      activesupport
    quandl-slack (0.0.2)
      quandl-config
      slack-notifier (>= 1.0)
    rainbow (2.0.0)
    slack-notifier (2.1.0)
    thread_safe (0.3.6)
    tzinfo (1.2.3)
      thread_safe (~> 0.1)

PLATFORMS
  ruby

DEPENDENCIES
  qops!

BUNDLED WITH
   1.15.0
